PATH
  remote: .
  specs:
    httpProfiler (0.0.1)
      bundler (~> 1.3)
      curb
      floatstats

GEM
  remote: https://rubygems.org/
  specs:
    curb (0.8.4)
    floatstats (0.2.1)
    rake (10.1.0)

PLATFORMS
  ruby

DEPENDENCIES
  bundler (~> 1.3)
  httpProfiler!
  rake
